GEM
  remote: https://rubygems.org/
  specs:
    builder (3.2.4)
    ci_reporter (2.0.0)
      builder (>= 2.1.2)
    gosu (1.4.3)
    ocra (1.3.11)
    rake (13.0.6)
    webrick (1.7.0)
    yard (0.9.27)
      webrick (~> 1.7.0)

PLATFORMS
  x64-mingw-ucrt

DEPENDENCIES
  bundler
  ci_reporter (~> 2.0)
  gosu (~> 1.4, >= 1.4.3)
  ocra (~> 1.3, >= 1.3.11)
  rake
  yard

RUBY VERSION
   ruby 3.1.0p0

BUNDLED WITH
   2.3.6
