GEM
  remote: https://rubygems.org/
  specs:
    builder (3.2.4)
    gosu (1.4.3)
    minitest (5.15.0)
    ci-reporter (2.0.0)
    rake (13.0.6)
    webrick (1.7.0)
    yard (0.9.27)
      webrick (~> 1.7.0)

PLATFORMS
  x64-mingw-ucrt

DEPENDENCIES
  bundler
  gosu (~> 1.4, >= 1.4.3)
  ci-reporter
  rake
  yard

RUBY VERSION
   ruby 3.1.0p0

BUNDLED WITH
   2.3.6
